GEM
  remote: https://rubygems.org/
  specs:
    activemodel (6.1.7.1)
      activesupport (= 6.1.7.1)
    activerecord (6.1.7.1)
      activemodel (= 6.1.7.1)
      activesupport (= 6.1.7.1)
    activesupport (6.1.7.1)
      concurrent-ruby (~> 1.0, >= 1.0.2)
      i18n (>= 1.6, < 2)
      minitest (>= 5.1)
      tzinfo (~> 2.0)
      zeitwerk (~> 2.3)
    autoprefixer-rails (9.5.0)
      execjs
    bootstrap (4.1.3)
      autoprefixer-rails (>= 6.0.3)
      popper_js (>= 1.12.9, < 2)
      sass (>= 3.5.2)
    byebug (11.0.0)
    concurrent-ruby (1.1.10)
    execjs (2.7.0)
    ffi (1.10.0)
    i18n (1.12.0)
      concurrent-ruby (~> 1.0)
    minitest (5.17.0)
    mustermann (1.0.3)
    popper_js (1.14.5)
    rack (2.0.6)
    rack-protection (2.0.5)
      rack
    rb-fsevent (0.11.2)
    rb-inotify (0.10.1)
      ffi (~> 1.0)
    sass (3.7.4)
      sass-listen (~> 4.0.0)
    sass-listen (4.0.0)
      rb-fsevent (~> 0.9, >= 0.9.4)
      rb-inotify (~> 0.9, >= 0.9.7)
    sinatra (2.0.5)
      mustermann (~> 1.0)
      rack (~> 2.0)
      rack-protection (= 2.0.5)
      tilt (~> 2.0)
    sinatra-activerecord (2.0.26)
      activerecord (>= 4.1)
      sinatra (>= 1.0)
    sqlite3 (1.3.13)
    tilt (2.0.9)
    tzinfo (2.0.5)
      concurrent-ruby (~> 1.0)
    zeitwerk (2.6.6)

PLATFORMS
  ruby

DEPENDENCIES
  activerecord
  bootstrap
  byebug
  sinatra-activerecord
  sqlite3

BUNDLED WITH
   2.0.1
